GEM
  remote: https://rubygems.org/
  specs:
    capybara (3.40.0)
      addressable (>= 2.0.2, < 7.0)
      mini_mime (>= 0.1.3)
      nokogiri (~> 1.11)
      rack (>= 1.6.0)
      rack-test (>= 0.6.3)
      regexp_parser (>= 1.5, < 3.0)
      xpath (~> 3.2)
    selenium-webdriver (4.26.0)
      addressable (~> 2.8)
      chromedriver-helper (~> 2.1)
      childprocess (~> 0.5)
      rubyzip (~> 2.3)
    rspec (3.10.0)
      rspec-core (~> 3.10.0)
      rspec-expectations (~> 3.10.0)
      rspec-mocks (~> 3.10.0)
    rspec-core (3.10.1)
      rspec-support (~> 3.10.0)
    rspec-expectations (3.10.1)
      diff-lcs (>= 1.2.0, < 2.0)
      rspec-support (~> 3.10.0)
    rspec-mocks (3.10.1)
      diff-lcs (>= 1.2.0, < 2.0)
      rspec-support (~> 3.10.0)
    rspec-support (3.10.2)
    rubyzip (2.3.2)

PLATFORMS
  x86_64-linux

DEPENDENCIES
  capybara (~> 3.40)
  selenium-webdriver (~> 4.0)
  rspec (~> 3.10)

BUNDLED WITH
   2.2.16
